GIT
  remote: https://github.com/communitiesuk/epb-auth-tools
  revision: a1fb1313de407fef796e5a3c29db23e587ccfa91
  branch: master
  specs:
    epb_auth_tools (0.0.0)
      jwt (~> 2.2)
      oauth2 (~> 1.4)

GIT
  remote: https://github.com/emk/sinatra-url-for.git
  revision: a19bac86311029a2bb6c7df940cc905686adc9cd
  branch: master
  specs:
    sinatra-url-for (0.2.1)
      sinatra (>= 0.9.1.1)

GEM
  remote: https://rubygems.org/
  specs:
    addressable (2.7.0)
      public_suffix (>= 2.0.2, < 5.0)
    backports (3.15.0)
    concurrent-ruby (1.1.5)
    crack (0.4.3)
      safe_yaml (~> 1.0.0)
    diff-lcs (1.3)
    faraday (1.0.0)
      multipart-post (>= 1.2, < 3)
    ffi (1.12.1)
    hashdiff (1.0.0)
    i18n (1.8.2)
      concurrent-ruby (~> 1.0)
    jwt (2.2.1)
    multi_json (1.14.1)
    multi_xml (0.6.0)
    multipart-post (2.1.1)
    mustermann (1.1.1)
      ruby2_keywords (~> 0.0.1)
    oauth2 (1.4.2)
      faraday (>= 0.8, < 2.0)
      jwt (>= 1.0, < 3.0)
      multi_json (~> 1.3)
      multi_xml (~> 0.5)
      rack (>= 1.2, < 3)
    prettier (0.16.0)
    public_suffix (4.0.3)
    rack (2.1.1)
    rack-contrib (2.1.0)
      rack (~> 2.0)
    rack-protection (2.0.8.1)
      rack
    rack-test (0.8.3)
      rack (>= 1.0, < 3)
    rake (13.0.1)
    rspec (3.9.0)
      rspec-core (~> 3.9.0)
      rspec-expectations (~> 3.9.0)
      rspec-mocks (~> 3.9.0)
    rspec-core (3.9.1)
      rspec-support (~> 3.9.1)
    rspec-expectations (3.9.0)
      diff-lcs (>= 1.2.0, < 2.0)
      rspec-support (~> 3.9.0)
    rspec-mocks (3.9.1)
      diff-lcs (>= 1.2.0, < 2.0)
      rspec-support (~> 3.9.0)
    rspec-support (3.9.2)
    ruby2_keywords (0.0.2)
    safe_yaml (1.0.5)
    sassc (2.2.1)
      ffi (~> 1.9)
    sinatra (2.0.8.1)
      mustermann (~> 1.0)
      rack (~> 2.0)
      rack-protection (= 2.0.8.1)
      tilt (~> 2.0)
    sinatra-contrib (2.0.8.1)
      backports (>= 2.8.2)
      multi_json
      mustermann (~> 1.0)
      rack-protection (= 2.0.8.1)
      sinatra (= 2.0.8.1)
      tilt (~> 2.0)
    tilt (2.0.10)
    webmock (3.8.0)
      addressable (>= 2.3.6)
      crack (>= 0.3.2)
      hashdiff (>= 0.4.0, < 2.0.0)
    zeitwerk (2.2.2)

PLATFORMS
  ruby

DEPENDENCIES
  epb_auth_tools!
  i18n!
  prettier (~> 0.16.0)!
  rack-contrib!
  rack-test (~> 0.8.3)!
  rake!
  rspec (~> 3.0)!
  sassc (~> 2.2)!
  sinatra (~> 2.0, >= 2.0.7)!
  sinatra-contrib!
  sinatra-url-for!
  webmock (~> 3.7)!
  zeitwerk (~> 2.2.2)!

RUBY VERSION
   ruby 2.6.5p114

BUNDLED WITH
   2.1.4
